NUGET
  remote: https://www.nuget.org/api/v2
    Argu (3.2)
    FsCheck (2.6.2)
      FSharp.Core (>= 3.1.2.5)
    FSharp.Core (3.1.2.5)
    FSharpx.Core (1.8.32)
    NuGet.CommandLine (3.4.3)
    PerfUtil (0.1.8)
GITHUB
  remote: logary/logary
    src/Logary.Facade/Facade.fs (0744a14f83aff2e1d87741af1911a6ae1b0603d5) 4b21d888e83d72d1238ab0f36110e2a3946240e7