NUGET
  remote: http://api.nuget.org/v3/index.json
    FsCheck (2.2.4) - framework: >= net45
      FSharp.Core (>= 3.1.2.5)
    FSharp.Core (3.1.2.5)
    FSharpx.Core (1.8.41) - framework: >= net40
    PerfUtil (0.1.8) - framework: >= net40
