FRAMEWORK: NET45
NUGET
  remote: https://www.nuget.org/api/v2
    Argu (3.2)
    BenchmarkDotNet (0.9.9)
      BenchmarkDotNet.Toolchains.Roslyn (>= 0.9.9)
    BenchmarkDotNet.Core (0.9.9)
      System.Threading.Tasks.Extensions (>= 4.0)
    BenchmarkDotNet.Toolchains.Roslyn (0.9.9)
      BenchmarkDotNet.Core (>= 0.9.9)
      Microsoft.CodeAnalysis.CSharp (>= 1.3.2)
      System.Threading.Tasks (>= 4.0)
    FsCheck (2.7.1)
      FSharp.Core (>= 3.1.2.5)
    FSharp.Core (3.1.2.5)
    Microsoft.CodeAnalysis.Analyzers (1.1)
    Microsoft.CodeAnalysis.Common (1.3.2)
      Microsoft.CodeAnalysis.Analyzers (>= 1.1)
      System.Collections.Immutable (>= 1.1.37)
      System.Reflection.Metadata (>= 1.2)
    Microsoft.CodeAnalysis.CSharp (1.3.2)
      Microsoft.CodeAnalysis.Common (1.3.2)
    Mono.Cecil (0.10.0-beta2)
      System.Collections (>= 4.0.11)
      System.IO.FileSystem (>= 4.0.1)
      System.IO.FileSystem.Primitives (>= 4.0.1)
      System.Reflection (>= 4.1)
      System.Runtime.Extensions (>= 4.1)
      System.Security.Cryptography.Algorithms (>= 4.2)
      System.Security.Cryptography.Csp (>= 4.0)
      System.Threading (>= 4.0.11)
    NuGet.CommandLine (3.5)
    System.Collections (4.3)
    System.Collections.Immutable (1.3.1)
    System.IO.FileSystem (4.3)
    System.IO.FileSystem.Primitives (4.3)
    System.Reflection (4.3)
    System.Reflection.Metadata (1.4.2)
      System.Collections.Immutable (>= 1.3.1)
    System.Runtime.Extensions (4.3)
    System.Security.Cryptography.Algorithms (4.3)
    System.Security.Cryptography.Csp (4.3)
    System.Threading (4.3)
    System.Threading.Tasks (4.3)
    System.Threading.Tasks.Extensions (4.3)
GITHUB
  remote: logary/logary
    src/Logary.Facade/Facade.fs (0fbb7829b9d4b62f9ffd10d7a4b20d075c6cccc6) 4b21d888e83d72d1238ab0f36110e2a3946240e7
GROUP build
NUGET
  remote: https://www.nuget.org/api/v2
    FAKE (4.48)
