STORAGE: NONE
RESTRICTION: || (== net461) (== netcoreapp2.0) (== netstandard2.0)
NUGET
  remote: https://api.nuget.org/v3/index.json
    argu (5.1)
      FSharp.Core (>= 4.0.0.1) - restriction: || (== net461) (&& (== netcoreapp2.0) (>= net45)) (&& (== netstandard2.0) (>= net45))
      FSharp.Core (>= 4.3.2) - restriction: || (&& (== net461) (< net45) (>= netstandard2.0)) (== netcoreapp2.0) (== netstandard2.0)
      System.Configuration.ConfigurationManager (>= 4.4) - restriction: || (&& (== net461) (< net45) (>= netstandard2.0)) (== netcoreapp2.0) (== netstandard2.0)
    FsCheck (2.10.4)
      FSharp.Core (>= 4.1) - restriction: || (== net461) (&& (== netcoreapp2.0) (>= net452)) (&& (== netcoreapp2.0) (< netstandard1.6)) (&& (== netstandard2.0) (>= net452)) (&& (== netstandard2.0) (< netstandard1.6))
      FSharp.Core (>= 4.1.18) - restriction: || (&& (== net461) (< net452) (>= netstandard1.6)) (== netcoreapp2.0) (== netstandard2.0)
      NETStandard.Library (>= 1.6.1) - restriction: || (&& (== net461) (< net452) (>= netstandard1.6)) (== netcoreapp2.0) (== netstandard2.0)
    FSharp.Core (4.3.4)
    Hopac (0.3.23)
      FSharp.Core (>= 3.1.2.5) - restriction: || (== net461) (&& (== netcoreapp2.0) (< netstandard1.6)) (&& (== netstandard2.0) (< netstandard1.6))
      FSharp.Core (>= 4.0.1.7-alpha) - restriction: || (&& (== net461) (>= netstandard1.6)) (== netcoreapp2.0) (== netstandard2.0)
      NETStandard.Library (>= 1.6) - restriction: || (&& (== net461) (>= netstandard1.6)) (== netcoreapp2.0) (== netstandard2.0)
    Microsoft.NETCore.Platforms (2.1) - restriction: || (&& (== net461) (>= dnxcore50)) (&& (== net461) (< net35) (>= netstandard1.6)) (&& (== net461) (>= netcoreapp2.0)) (== netcoreapp2.0) (== netstandard2.0)
    Microsoft.NETCore.Targets (2.1) - restriction: || (&& (== net461) (>= dnxcore50)) (&& (== net461) (< net35)) (== netcoreapp2.0) (== netstandard2.0)
    Mono.Cecil (0.10)
      System.Collections (>= 4.0.11) - restriction: || (&& (== net461) (< net35)) (== netcoreapp2.0) (== netstandard2.0)
      System.IO.FileSystem (>= 4.0.1) - restriction: || (&& (== net461) (< net35)) (== netcoreapp2.0) (== netstandard2.0)
      System.IO.FileSystem.Primitives (>= 4.0.1) - restriction: || (&& (== net461) (< net35)) (== netcoreapp2.0) (== netstandard2.0)
      System.Reflection (>= 4.1) - restriction: || (&& (== net461) (< net35)) (== netcoreapp2.0) (== netstandard2.0)
      System.Runtime.Extensions (>= 4.1) - restriction: || (&& (== net461) (< net35)) (== netcoreapp2.0) (== netstandard2.0)
      System.Security.Cryptography.Algorithms (>= 4.2) - restriction: || (&& (== net461) (< net35)) (== netcoreapp2.0) (== netstandard2.0)
      System.Security.Cryptography.Csp (>= 4.0) - restriction: || (&& (== net461) (< net35)) (== netcoreapp2.0) (== netstandard2.0)
      System.Threading (>= 4.0.11) - restriction: || (&& (== net461) (< net35)) (== netcoreapp2.0) (== netstandard2.0)
    NETStandard.Library (2.0.3) - restriction: || (&& (== net461) (< net452) (>= netstandard1.6)) (== netcoreapp2.0) (== netstandard2.0)
      Microsoft.NETCore.Platforms (>= 1.1)
    runtime.debian.8-x64.runtime.native.System.Security.Cryptography.OpenSsl (4.3.2) - restriction: || (&& (== net461) (< net35) (>= netstandard1.6)) (== netcoreapp2.0) (== netstandard2.0)
    runtime.fedora.23-x64.runtime.native.System.Security.Cryptography.OpenSsl (4.3.2) - restriction: || (&& (== net461) (< net35) (>= netstandard1.6)) (== netcoreapp2.0) (== netstandard2.0)
    runtime.fedora.24-x64.runtime.native.System.Security.Cryptography.OpenSsl (4.3.2) - restriction: || (&& (== net461) (< net35) (>= netstandard1.6)) (== netcoreapp2.0) (== netstandard2.0)
    runtime.native.System.Security.Cryptography.Apple (4.3.1) - restriction: || (&& (== net461) (< net35) (>= netstandard1.6)) (== netcoreapp2.0) (== netstandard2.0)
      runtime.osx.10.10-x64.runtime.native.System.Security.Cryptography.Apple (>= 4.3.1)
    runtime.native.System.Security.Cryptography.OpenSsl (4.3.2) - restriction: || (&& (== net461) (< net35) (>= netstandard1.6)) (== netcoreapp2.0) (== netstandard2.0)
      runtime.debian.8-x64.runtime.native.System.Security.Cryptography.OpenSsl (>= 4.3.2)
      runtime.fedora.23-x64.runtime.native.System.Security.Cryptography.OpenSsl (>= 4.3.2)
      runtime.fedora.24-x64.runtime.native.System.Security.Cryptography.OpenSsl (>= 4.3.2)
      runtime.opensuse.13.2-x64.runtime.native.System.Security.Cryptography.OpenSsl (>= 4.3.2)
      runtime.opensuse.42.1-x64.runtime.native.System.Security.Cryptography.OpenSsl (>= 4.3.2)
      runtime.osx.10.10-x64.runtime.native.System.Security.Cryptography.OpenSsl (>= 4.3.2)
      runtime.rhel.7-x64.runtime.native.System.Security.Cryptography.OpenSsl (>= 4.3.2)
      runtime.ubuntu.14.04-x64.runtime.native.System.Security.Cryptography.OpenSsl (>= 4.3.2)
      runtime.ubuntu.16.04-x64.runtime.native.System.Security.Cryptography.OpenSsl (>= 4.3.2)
      runtime.ubuntu.16.10-x64.runtime.native.System.Security.Cryptography.OpenSsl (>= 4.3.2)
    runtime.opensuse.13.2-x64.runtime.native.System.Security.Cryptography.OpenSsl (4.3.2) - restriction: || (&& (== net461) (< net35) (>= netstandard1.6)) (== netcoreapp2.0) (== netstandard2.0)
    runtime.opensuse.42.1-x64.runtime.native.System.Security.Cryptography.OpenSsl (4.3.2) - restriction: || (&& (== net461) (< net35) (>= netstandard1.6)) (== netcoreapp2.0) (== netstandard2.0)
    runtime.osx.10.10-x64.runtime.native.System.Security.Cryptography.Apple (4.3.1) - restriction: || (&& (== net461) (< net35) (>= netstandard1.6)) (== netcoreapp2.0) (== netstandard2.0)
    runtime.osx.10.10-x64.runtime.native.System.Security.Cryptography.OpenSsl (4.3.2) - restriction: || (&& (== net461) (< net35) (>= netstandard1.6)) (== netcoreapp2.0) (== netstandard2.0)
    runtime.rhel.7-x64.runtime.native.System.Security.Cryptography.OpenSsl (4.3.2) - restriction: || (&& (== net461) (< net35) (>= netstandard1.6)) (== netcoreapp2.0) (== netstandard2.0)
    runtime.ubuntu.14.04-x64.runtime.native.System.Security.Cryptography.OpenSsl (4.3.2) - restriction: || (&& (== net461) (< net35) (>= netstandard1.6)) (== netcoreapp2.0) (== netstandard2.0)
    runtime.ubuntu.16.04-x64.runtime.native.System.Security.Cryptography.OpenSsl (4.3.2) - restriction: || (&& (== net461) (< net35) (>= netstandard1.6)) (== netcoreapp2.0) (== netstandard2.0)
    runtime.ubuntu.16.10-x64.runtime.native.System.Security.Cryptography.OpenSsl (4.3.2) - restriction: || (&& (== net461) (< net35) (>= netstandard1.6)) (== netcoreapp2.0) (== netstandard2.0)
    System.Buffers (4.5) - restriction: || (&& (== net461) (== netcoreapp2.0)) (&& (== net461) (>= monoandroid) (>= netstandard2.0)) (&& (== net461) (>= monotouch) (>= netstandard2.0)) (&& (== net461) (< net45) (>= netstandard2.0)) (&& (== net461) (< netstandard1.1) (>= netstandard2.0)) (&& (== net461) (>= netstandard2.0) (>= wpa81)) (&& (== net461) (>= netstandard2.0) (>= xamarinios)) (&& (== net461) (>= netstandard2.0) (>= xamarinmac)) (&& (== net461) (>= netstandard2.0) (>= xamarintvos)) (&& (== net461) (>= netstandard2.0) (>= xamarinwatchos)) (&& (== netcoreapp2.0) (>= monoandroid)) (&& (== netcoreapp2.0) (>= monotouch)) (&& (== netcoreapp2.0) (>= net461)) (&& (== netcoreapp2.0) (< netstandard1.1)) (&& (== netcoreapp2.0) (< netstandard2.0)) (&& (== netcoreapp2.0) (>= xamarinios)) (&& (== netcoreapp2.0) (>= xamarinmac)) (&& (== netcoreapp2.0) (>= xamarintvos)) (&& (== netcoreapp2.0) (>= xamarinwatchos)) (== netstandard2.0)
    System.Collections (4.3) - restriction: || (&& (== net461) (< net35) (>= netstandard1.6)) (== netcoreapp2.0) (== netstandard2.0)
      Microsoft.NETCore.Platforms (>= 1.1) - restriction: || (&& (== net461) (>= dnxcore50)) (&& (== net461) (< net45)) (== netcoreapp2.0) (== netstandard2.0)
      Microsoft.NETCore.Targets (>= 1.1) - restriction: || (&& (== net461) (>= dnxcore50)) (&& (== net461) (< net45)) (== netcoreapp2.0) (== netstandard2.0)
      System.Runtime (>= 4.3) - restriction: || (&& (== net461) (>= dnxcore50)) (&& (== net461) (< net45)) (== netcoreapp2.0) (== netstandard2.0)
    System.Collections.Concurrent (4.3) - restriction: || (&& (== net461) (>= dnxcore50)) (&& (== net461) (< net35) (>= net463)) (&& (== net461) (< net35) (>= netstandard1.6)) (== netcoreapp2.0) (== netstandard2.0)
      System.Collections (>= 4.3) - restriction: || (&& (== net461) (>= dnxcore50)) (&& (== net461) (< net45)) (== netcoreapp2.0) (== netstandard2.0)
      System.Diagnostics.Debug (>= 4.3) - restriction: || (&& (== net461) (>= dnxcore50)) (&& (== net461) (< net45)) (== netcoreapp2.0) (== netstandard2.0)
      System.Diagnostics.Tracing (>= 4.3) - restriction: || (&& (== net461) (>= dnxcore50)) (&& (== net461) (< net45)) (== netcoreapp2.0) (== netstandard2.0)
      System.Globalization (>= 4.3) - restriction: || (&& (== net461) (>= dnxcore50)) (&& (== net461) (< net45)) (== netcoreapp2.0) (== netstandard2.0)
      System.Reflection (>= 4.3) - restriction: || (&& (== net461) (< net45)) (== netcoreapp2.0) (== netstandard2.0)
      System.Resources.ResourceManager (>= 4.3) - restriction: || (&& (== net461) (>= dnxcore50)) (&& (== net461) (< net45)) (== netcoreapp2.0) (== netstandard2.0)
      System.Runtime (>= 4.3) - restriction: || (&& (== net461) (>= dnxcore50)) (&& (== net461) (< net45)) (== netcoreapp2.0) (== netstandard2.0)
      System.Runtime.Extensions (>= 4.3) - restriction: || (&& (== net461) (>= dnxcore50)) (&& (== net461) (< net45)) (== netcoreapp2.0) (== netstandard2.0)
      System.Threading (>= 4.3) - restriction: || (&& (== net461) (>= dnxcore50)) (&& (== net461) (< net45)) (== netcoreapp2.0) (== netstandard2.0)
      System.Threading.Tasks (>= 4.3) - restriction: || (&& (== net461) (>= dnxcore50)) (&& (== net461) (< net45)) (== netcoreapp2.0) (== netstandard2.0)
    System.Configuration.ConfigurationManager (4.5) - restriction: || (&& (== net461) (< net45) (>= netstandard2.0)) (== netcoreapp2.0) (== netstandard2.0)
      System.Security.Cryptography.ProtectedData (>= 4.5) - restriction: || (== netcoreapp2.0) (== netstandard2.0)
      System.Security.Permissions (>= 4.5)
    System.Diagnostics.Debug (4.3) - restriction: || (&& (== net461) (>= dnxcore50)) (&& (== net461) (< net35)) (== netcoreapp2.0) (== netstandard2.0)
      Microsoft.NETCore.Platforms (>= 1.1) - restriction: || (&& (== net461) (>= dnxcore50)) (&& (== net461) (< net45)) (== netcoreapp2.0) (== netstandard2.0)
      Microsoft.NETCore.Targets (>= 1.1) - restriction: || (&& (== net461) (>= dnxcore50)) (&& (== net461) (< net45)) (== netcoreapp2.0) (== netstandard2.0)
      System.Runtime (>= 4.3) - restriction: || (&& (== net461) (>= dnxcore50)) (&& (== net461) (< net45)) (== netcoreapp2.0) (== netstandard2.0)
    System.Diagnostics.Tracing (4.3) - restriction: || (&& (== net461) (>= dnxcore50)) (&& (== net461) (< net35) (>= net463)) (&& (== net461) (< net35) (>= netstandard1.6)) (== netcoreapp2.0) (== netstandard2.0)
      Microsoft.NETCore.Platforms (>= 1.1) - restriction: || (&& (== net461) (>= dnxcore50)) (&& (== net461) (< net45)) (== netcoreapp2.0) (== netstandard2.0)
      Microsoft.NETCore.Targets (>= 1.1) - restriction: || (&& (== net461) (>= dnxcore50)) (&& (== net461) (< net45)) (== netcoreapp2.0) (== netstandard2.0)
      System.Runtime (>= 4.3) - restriction: || (&& (== net461) (>= dnxcore50)) (&& (== net461) (< net45)) (== netcoreapp2.0) (== netstandard2.0)
    System.Globalization (4.3) - restriction: || (&& (== net461) (>= dnxcore50)) (&& (== net461) (< net35) (>= netstandard1.6)) (== netcoreapp2.0) (== netstandard2.0)
      Microsoft.NETCore.Platforms (>= 1.1) - restriction: || (&& (== net461) (>= dnxcore50)) (&& (== net461) (< net45)) (== netcoreapp2.0) (== netstandard2.0)
      Microsoft.NETCore.Targets (>= 1.1) - restriction: || (&& (== net461) (>= dnxcore50)) (&& (== net461) (< net45)) (== netcoreapp2.0) (== netstandard2.0)
      System.Runtime (>= 4.3) - restriction: || (&& (== net461) (>= dnxcore50)) (&& (== net461) (< net45)) (== netcoreapp2.0) (== netstandard2.0)
    System.IO (4.3) - restriction: || (&& (== net461) (>= dnxcore50)) (&& (== net461) (< net35)) (== netcoreapp2.0) (== netstandard2.0)
      Microsoft.NETCore.Platforms (>= 1.1) - restriction: || (&& (== net461) (>= dnxcore50)) (&& (== net461) (< net45)) (== netcoreapp2.0) (== netstandard2.0)
      Microsoft.NETCore.Targets (>= 1.1) - restriction: || (&& (== net461) (>= dnxcore50)) (&& (== net461) (< net45)) (== netcoreapp2.0) (== netstandard2.0)
      System.Runtime (>= 4.3) - restriction: || (&& (== net461) (>= dnxcore50)) (&& (== net461) (< net45)) (== netcoreapp2.0) (== netstandard2.0)
      System.Text.Encoding (>= 4.3) - restriction: || (&& (== net461) (>= dnxcore50)) (&& (== net461) (< net45)) (== netcoreapp2.0) (== netstandard2.0)
      System.Threading.Tasks (>= 4.3) - restriction: || (&& (== net461) (>= dnxcore50)) (&& (== net461) (< net45)) (== netcoreapp2.0) (== netstandard2.0)
    System.IO.FileSystem (4.3) - restriction: || (&& (== net461) (< net35)) (== netcoreapp2.0) (== netstandard2.0)
      Microsoft.NETCore.Platforms (>= 1.1) - restriction: || (&& (== net461) (< net46)) (== netcoreapp2.0) (== netstandard2.0)
      Microsoft.NETCore.Targets (>= 1.1) - restriction: || (&& (== net461) (< net46)) (== netcoreapp2.0) (== netstandard2.0)
      System.IO (>= 4.3) - restriction: || (&& (== net461) (< net46)) (== netcoreapp2.0) (== netstandard2.0)
      System.IO.FileSystem.Primitives (>= 4.3)
      System.Runtime (>= 4.3) - restriction: || (&& (== net461) (< net46)) (== netcoreapp2.0) (== netstandard2.0)
      System.Runtime.Handles (>= 4.3) - restriction: || (&& (== net461) (< net46)) (== netcoreapp2.0) (== netstandard2.0)
      System.Text.Encoding (>= 4.3) - restriction: || (&& (== net461) (< net46)) (== netcoreapp2.0) (== netstandard2.0)
      System.Threading.Tasks (>= 4.3) - restriction: || (&& (== net461) (< net46)) (== netcoreapp2.0) (== netstandard2.0)
    System.IO.FileSystem.Primitives (4.3) - restriction: || (&& (== net461) (< net35)) (== netcoreapp2.0) (== netstandard2.0)
      System.Runtime (>= 4.3) - restriction: || (&& (== net461) (< net46)) (== netcoreapp2.0) (== netstandard2.0)
    System.Linq (4.3) - restriction: || (&& (== net461) (>= dnxcore50)) (&& (== net461) (< net35) (>= net463)) (&& (== net461) (< net35) (>= netstandard1.6)) (== netcoreapp2.0) (== netstandard2.0)
      System.Collections (>= 4.3) - restriction: || (&& (== net461) (>= dnxcore50)) (&& (== net461) (< net45)) (== netcoreapp2.0) (== netstandard2.0)
      System.Diagnostics.Debug (>= 4.3) - restriction: || (&& (== net461) (>= dnxcore50)) (&& (== net461) (< net45) (>= netstandard1.6)) (== netcoreapp2.0) (== netstandard2.0)
      System.Resources.ResourceManager (>= 4.3) - restriction: || (&& (== net461) (>= dnxcore50)) (&& (== net461) (< net45) (>= netstandard1.6)) (== netcoreapp2.0) (== netstandard2.0)
      System.Runtime (>= 4.3) - restriction: || (&& (== net461) (>= dnxcore50)) (&& (== net461) (< net45)) (== netcoreapp2.0) (== netstandard2.0)
      System.Runtime.Extensions (>= 4.3) - restriction: || (&& (== net461) (>= dnxcore50)) (&& (== net461) (< net45) (>= netstandard1.6)) (== netcoreapp2.0) (== netstandard2.0)
    System.Memory (4.5.1) - restriction: || (&& (== net461) (< net45) (>= netstandard2.0)) (== netcoreapp2.0) (== netstandard2.0)
      System.Buffers (>= 4.4) - restriction: || (== net461) (&& (== netcoreapp2.0) (>= monoandroid)) (&& (== netcoreapp2.0) (>= monotouch)) (&& (== netcoreapp2.0) (>= net461)) (&& (== netcoreapp2.0) (< netstandard1.1)) (&& (== netcoreapp2.0) (< netstandard2.0)) (&& (== netcoreapp2.0) (>= xamarinios)) (&& (== netcoreapp2.0) (>= xamarinmac)) (&& (== netcoreapp2.0) (>= xamarintvos)) (&& (== netcoreapp2.0) (>= xamarinwatchos)) (== netstandard2.0)
      System.Numerics.Vectors (>= 4.4) - restriction: || (== net461) (&& (== netcoreapp2.0) (>= net461)) (== netstandard2.0)
      System.Runtime.CompilerServices.Unsafe (>= 4.5)
    System.Numerics.Vectors (4.5) - restriction: || (&& (== net461) (== netcoreapp2.0)) (&& (== net461) (< net45) (>= netstandard2.0)) (&& (== netcoreapp2.0) (>= net461)) (== netstandard2.0)
    System.Reflection (4.3) - restriction: || (&& (== net461) (< net35)) (== netcoreapp2.0) (== netstandard2.0)
      Microsoft.NETCore.Platforms (>= 1.1) - restriction: || (&& (== net461) (>= dnxcore50)) (&& (== net461) (< net45)) (== netcoreapp2.0) (== netstandard2.0)
      Microsoft.NETCore.Targets (>= 1.1) - restriction: || (&& (== net461) (>= dnxcore50)) (&& (== net461) (< net45)) (== netcoreapp2.0) (== netstandard2.0)
      System.IO (>= 4.3) - restriction: || (&& (== net461) (>= dnxcore50)) (&& (== net461) (< net45)) (== netcoreapp2.0) (== netstandard2.0)
      System.Reflection.Primitives (>= 4.3) - restriction: || (&& (== net461) (>= dnxcore50)) (&& (== net461) (< net45)) (== netcoreapp2.0) (== netstandard2.0)
      System.Runtime (>= 4.3) - restriction: || (&& (== net461) (>= dnxcore50)) (&& (== net461) (< net45)) (== netcoreapp2.0) (== netstandard2.0)
    System.Reflection.Primitives (4.3) - restriction: || (&& (== net461) (>= dnxcore50)) (&& (== net461) (< net35)) (== netcoreapp2.0) (== netstandard2.0)
      Microsoft.NETCore.Platforms (>= 1.1) - restriction: || (&& (== net461) (>= dnxcore50)) (&& (== net461) (< net45)) (== netcoreapp2.0) (== netstandard2.0)
      Microsoft.NETCore.Targets (>= 1.1) - restriction: || (&& (== net461) (>= dnxcore50)) (&& (== net461) (< net45)) (== netcoreapp2.0) (== netstandard2.0)
      System.Runtime (>= 4.3) - restriction: || (&& (== net461) (>= dnxcore50)) (&& (== net461) (< net45)) (== netcoreapp2.0) (== netstandard2.0)
    System.Resources.ResourceManager (4.3) - restriction: || (&& (== net461) (>= dnxcore50)) (&& (== net461) (< net35) (>= netstandard1.6)) (== netcoreapp2.0) (== netstandard2.0)
      Microsoft.NETCore.Platforms (>= 1.1) - restriction: || (&& (== net461) (>= dnxcore50)) (&& (== net461) (< net45)) (== netcoreapp2.0) (== netstandard2.0)
      Microsoft.NETCore.Targets (>= 1.1) - restriction: || (&& (== net461) (>= dnxcore50)) (&& (== net461) (< net45)) (== netcoreapp2.0) (== netstandard2.0)
      System.Globalization (>= 4.3) - restriction: || (&& (== net461) (>= dnxcore50)) (&& (== net461) (< net45)) (== netcoreapp2.0) (== netstandard2.0)
      System.Reflection (>= 4.3) - restriction: || (&& (== net461) (>= dnxcore50)) (&& (== net461) (< net45)) (== netcoreapp2.0) (== netstandard2.0)
      System.Runtime (>= 4.3) - restriction: || (&& (== net461) (>= dnxcore50)) (&& (== net461) (< net45)) (== netcoreapp2.0) (== netstandard2.0)
    System.Runtime (4.3) - restriction: || (&& (== net461) (>= dnxcore50)) (&& (== net461) (< net35)) (== netcoreapp2.0) (== netstandard2.0)
      Microsoft.NETCore.Platforms (>= 1.1) - restriction: || (&& (== net461) (>= dnxcore50)) (&& (== net461) (< net45)) (== netcoreapp2.0) (== netstandard2.0)
      Microsoft.NETCore.Targets (>= 1.1) - restriction: || (&& (== net461) (>= dnxcore50)) (&& (== net461) (< net45)) (== netcoreapp2.0) (== netstandard2.0)
    System.Runtime.CompilerServices.Unsafe (4.5.1) - restriction: || (&& (== net461) (>= monoandroid) (>= netstandard2.0)) (&& (== net461) (>= monotouch) (>= netstandard2.0)) (&& (== net461) (< net45) (>= netstandard2.0)) (&& (== net461) (>= netcoreapp2.0)) (&& (== net461) (< netstandard1.1) (>= netstandard2.0)) (&& (== net461) (>= netstandard2.0) (>= uap10.1)) (&& (== net461) (>= netstandard2.0) (>= wpa81)) (&& (== net461) (>= netstandard2.0) (>= xamarinios)) (&& (== net461) (>= netstandard2.0) (>= xamarinmac)) (&& (== net461) (>= netstandard2.0) (>= xamarintvos)) (&& (== net461) (>= netstandard2.0) (>= xamarinwatchos)) (== netcoreapp2.0) (== netstandard2.0)
    System.Runtime.Extensions (4.3) - restriction: || (&& (== net461) (>= dnxcore50)) (&& (== net461) (< net35) (>= netstandard1.6)) (== netcoreapp2.0) (== netstandard2.0)
      Microsoft.NETCore.Platforms (>= 1.1) - restriction: || (&& (== net461) (>= dnxcore50)) (&& (== net461) (< net45)) (== netcoreapp2.0) (== netstandard2.0)
      Microsoft.NETCore.Targets (>= 1.1) - restriction: || (&& (== net461) (>= dnxcore50)) (&& (== net461) (< net45)) (== netcoreapp2.0) (== netstandard2.0)
      System.Runtime (>= 4.3) - restriction: || (&& (== net461) (>= dnxcore50)) (&& (== net461) (< net45)) (== netcoreapp2.0) (== netstandard2.0)
    System.Runtime.Handles (4.3) - restriction: || (&& (== net461) (>= dnxcore50)) (&& (== net461) (< net35) (>= netstandard1.6)) (== netcoreapp2.0) (== netstandard2.0)
      Microsoft.NETCore.Platforms (>= 1.1) - restriction: || (&& (== net461) (< net46)) (== netcoreapp2.0) (== netstandard2.0)
      Microsoft.NETCore.Targets (>= 1.1) - restriction: || (&& (== net461) (< net46)) (== netcoreapp2.0) (== netstandard2.0)
      System.Runtime (>= 4.3) - restriction: || (&& (== net461) (< net46)) (== netcoreapp2.0) (== netstandard2.0)
    System.Runtime.InteropServices (4.3) - restriction: || (&& (== net461) (>= dnxcore50)) (&& (== net461) (< net35) (>= netstandard1.6)) (== netcoreapp2.0) (== netstandard2.0)
      Microsoft.NETCore.Platforms (>= 1.1) - restriction: || (&& (== net461) (>= dnxcore50)) (&& (== net461) (< net45)) (&& (== net461) (>= netcoreapp1.1)) (== netcoreapp2.0) (== netstandard2.0)
      Microsoft.NETCore.Targets (>= 1.1) - restriction: || (&& (== net461) (>= dnxcore50)) (&& (== net461) (< net45)) (&& (== net461) (>= netcoreapp1.1)) (== netcoreapp2.0) (== netstandard2.0)
      System.Reflection (>= 4.3) - restriction: || (&& (== net461) (>= dnxcore50)) (&& (== net461) (< net45)) (&& (== net461) (>= netcoreapp1.1)) (== netcoreapp2.0) (== netstandard2.0)
      System.Reflection.Primitives (>= 4.3) - restriction: || (&& (== net461) (>= dnxcore50)) (&& (== net461) (< net45)) (&& (== net461) (>= netcoreapp1.1)) (== netcoreapp2.0) (== netstandard2.0)
      System.Runtime (>= 4.3) - restriction: || (&& (== net461) (>= dnxcore50)) (&& (== net461) (< net45)) (&& (== net461) (>= net462)) (&& (== net461) (>= netcoreapp1.1)) (== netcoreapp2.0) (== netstandard2.0)
      System.Runtime.Handles (>= 4.3) - restriction: || (&& (== net461) (>= dnxcore50)) (&& (== net461) (< net45)) (&& (== net461) (>= netcoreapp1.1)) (== netcoreapp2.0) (== netstandard2.0)
    System.Runtime.Numerics (4.3) - restriction: || (&& (== net461) (< net35) (>= netstandard1.6)) (== netcoreapp2.0) (== netstandard2.0)
      System.Globalization (>= 4.3) - restriction: || (&& (== net461) (>= dnxcore50)) (&& (== net461) (< net45)) (== netcoreapp2.0) (== netstandard2.0)
      System.Resources.ResourceManager (>= 4.3) - restriction: || (&& (== net461) (>= dnxcore50)) (&& (== net461) (< net45)) (== netcoreapp2.0) (== netstandard2.0)
      System.Runtime (>= 4.3) - restriction: || (&& (== net461) (>= dnxcore50)) (&& (== net461) (< net45)) (== netcoreapp2.0) (== netstandard2.0)
      System.Runtime.Extensions (>= 4.3) - restriction: || (&& (== net461) (>= dnxcore50)) (&& (== net461) (< net45)) (== netcoreapp2.0) (== netstandard2.0)
    System.Security.AccessControl (4.5) - restriction: || (&& (== net461) (>= monoandroid) (>= netstandard2.0)) (&& (== net461) (>= monotouch) (>= netstandard2.0)) (&& (== net461) (< net45) (>= netstandard2.0)) (&& (== net461) (>= netstandard2.0) (>= xamarinios)) (&& (== net461) (>= netstandard2.0) (>= xamarinmac)) (&& (== net461) (>= netstandard2.0) (>= xamarintvos)) (&& (== net461) (>= netstandard2.0) (>= xamarinwatchos)) (== netcoreapp2.0) (== netstandard2.0)
      Microsoft.NETCore.Platforms (>= 2.0) - restriction: || (&& (== net461) (>= netcoreapp2.0)) (== netcoreapp2.0) (&& (== netstandard2.0) (>= netcoreapp2.0))
      System.Security.Principal.Windows (>= 4.5)
    System.Security.Cryptography.Algorithms (4.3.1) - restriction: || (&& (== net461) (< net35)) (== netcoreapp2.0) (== netstandard2.0)
      Microsoft.NETCore.Platforms (>= 1.1) - restriction: || (&& (== net461) (>= dnxcore50)) (&& (== net461) (< net46) (>= netstandard1.6)) (== netcoreapp2.0) (== netstandard2.0)
      runtime.native.System.Security.Cryptography.Apple (>= 4.3.1) - restriction: || (&& (== net461) (< net46) (>= netstandard1.6)) (== netcoreapp2.0) (== netstandard2.0)
      runtime.native.System.Security.Cryptography.OpenSsl (>= 4.3.2) - restriction: || (&& (== net461) (< net46) (>= netstandard1.6)) (== netcoreapp2.0) (== netstandard2.0)
      System.Collections (>= 4.3) - restriction: || (&& (== net461) (< net46) (>= netstandard1.6)) (== netcoreapp2.0) (== netstandard2.0)
      System.IO (>= 4.3) - restriction: || (&& (== net461) (>= dnxcore50)) (&& (== net461) (< net46)) (&& (== net461) (>= net463)) (== netcoreapp2.0) (== netstandard2.0)
      System.Resources.ResourceManager (>= 4.3) - restriction: || (&& (== net461) (>= dnxcore50)) (&& (== net461) (< net46) (>= netstandard1.6)) (== netcoreapp2.0) (== netstandard2.0)
      System.Runtime (>= 4.3) - restriction: || (&& (== net461) (>= dnxcore50)) (&& (== net461) (< net46)) (&& (== net461) (>= net463)) (== netcoreapp2.0) (== netstandard2.0)
      System.Runtime.Extensions (>= 4.3) - restriction: || (&& (== net461) (>= dnxcore50)) (&& (== net461) (< net46) (>= netstandard1.6)) (== netcoreapp2.0) (== netstandard2.0)
      System.Runtime.Handles (>= 4.3) - restriction: || (&& (== net461) (>= dnxcore50)) (&& (== net461) (< net46) (>= netstandard1.6)) (== netcoreapp2.0) (== netstandard2.0)
      System.Runtime.InteropServices (>= 4.3) - restriction: || (&& (== net461) (>= dnxcore50)) (&& (== net461) (< net46) (>= netstandard1.6)) (== netcoreapp2.0) (== netstandard2.0)
      System.Runtime.Numerics (>= 4.3) - restriction: || (&& (== net461) (< net46) (>= netstandard1.6)) (== netcoreapp2.0) (== netstandard2.0)
      System.Security.Cryptography.Encoding (>= 4.3) - restriction: || (&& (== net461) (>= dnxcore50)) (&& (== net461) (< net46) (>= netstandard1.6)) (&& (== net461) (>= net463)) (== netcoreapp2.0) (== netstandard2.0)
      System.Security.Cryptography.Primitives (>= 4.3)
      System.Text.Encoding (>= 4.3) - restriction: || (&& (== net461) (>= dnxcore50)) (&& (== net461) (< net46) (>= netstandard1.6)) (== netcoreapp2.0) (== netstandard2.0)
    System.Security.Cryptography.Csp (4.3) - restriction: || (&& (== net461) (< net35)) (== netcoreapp2.0) (== netstandard2.0)
      Microsoft.NETCore.Platforms (>= 1.1) - restriction: || (&& (== net461) (< net46)) (== netcoreapp2.0) (== netstandard2.0)
      System.IO (>= 4.3) - restriction: || (&& (== net461) (< net46)) (== netcoreapp2.0) (== netstandard2.0)
      System.Reflection (>= 4.3) - restriction: || (&& (== net461) (< net46)) (== netcoreapp2.0) (== netstandard2.0)
      System.Resources.ResourceManager (>= 4.3) - restriction: || (&& (== net461) (< net46)) (== netcoreapp2.0) (== netstandard2.0)
      System.Runtime (>= 4.3) - restriction: || (&& (== net461) (< net46)) (== netcoreapp2.0) (== netstandard2.0)
      System.Runtime.Extensions (>= 4.3) - restriction: || (&& (== net461) (< net46)) (== netcoreapp2.0) (== netstandard2.0)
      System.Runtime.Handles (>= 4.3) - restriction: || (&& (== net461) (< net46)) (== netcoreapp2.0) (== netstandard2.0)
      System.Runtime.InteropServices (>= 4.3) - restriction: || (&& (== net461) (< net46)) (== netcoreapp2.0) (== netstandard2.0)
      System.Security.Cryptography.Algorithms (>= 4.3)
      System.Security.Cryptography.Encoding (>= 4.3) - restriction: || (&& (== net461) (< net46)) (== netcoreapp2.0) (== netstandard2.0)
      System.Security.Cryptography.Primitives (>= 4.3)
      System.Text.Encoding (>= 4.3) - restriction: || (&& (== net461) (< net46)) (== netcoreapp2.0) (== netstandard2.0)
      System.Threading (>= 4.3) - restriction: || (&& (== net461) (< net46)) (== netcoreapp2.0) (== netstandard2.0)
    System.Security.Cryptography.Encoding (4.3) - restriction: || (&& (== net461) (>= dnxcore50)) (&& (== net461) (< net35) (>= net463)) (&& (== net461) (< net35) (>= netstandard1.6)) (== netcoreapp2.0) (== netstandard2.0)
      Microsoft.NETCore.Platforms (>= 1.1) - restriction: || (&& (== net461) (< net46)) (== netcoreapp2.0) (== netstandard2.0)
      runtime.native.System.Security.Cryptography.OpenSsl (>= 4.3) - restriction: || (&& (== net461) (< net46)) (== netcoreapp2.0) (== netstandard2.0)
      System.Collections (>= 4.3) - restriction: || (&& (== net461) (< net46)) (== netcoreapp2.0) (== netstandard2.0)
      System.Collections.Concurrent (>= 4.3) - restriction: || (&& (== net461) (< net46)) (== netcoreapp2.0) (== netstandard2.0)
      System.Linq (>= 4.3) - restriction: || (&& (== net461) (< net46)) (== netcoreapp2.0) (== netstandard2.0)
      System.Resources.ResourceManager (>= 4.3) - restriction: || (&& (== net461) (< net46)) (== netcoreapp2.0) (== netstandard2.0)
      System.Runtime (>= 4.3) - restriction: || (&& (== net461) (< net46)) (== netcoreapp2.0) (== netstandard2.0)
      System.Runtime.Extensions (>= 4.3) - restriction: || (&& (== net461) (< net46)) (== netcoreapp2.0) (== netstandard2.0)
      System.Runtime.Handles (>= 4.3) - restriction: || (&& (== net461) (< net46)) (== netcoreapp2.0) (== netstandard2.0)
      System.Runtime.InteropServices (>= 4.3) - restriction: || (&& (== net461) (< net46)) (== netcoreapp2.0) (== netstandard2.0)
      System.Security.Cryptography.Primitives (>= 4.3) - restriction: || (&& (== net461) (< net46)) (== netcoreapp2.0) (== netstandard2.0)
      System.Text.Encoding (>= 4.3) - restriction: || (&& (== net461) (< net46)) (== netcoreapp2.0) (== netstandard2.0)
    System.Security.Cryptography.Primitives (4.3) - restriction: || (&& (== net461) (>= dnxcore50)) (&& (== net461) (< net35)) (== netcoreapp2.0) (== netstandard2.0)
      System.Diagnostics.Debug (>= 4.3) - restriction: || (&& (== net461) (< net46)) (== netcoreapp2.0) (== netstandard2.0)
      System.Globalization (>= 4.3) - restriction: || (&& (== net461) (< net46)) (== netcoreapp2.0) (== netstandard2.0)
      System.IO (>= 4.3) - restriction: || (&& (== net461) (< net46)) (== netcoreapp2.0) (== netstandard2.0)
      System.Resources.ResourceManager (>= 4.3) - restriction: || (&& (== net461) (< net46)) (== netcoreapp2.0) (== netstandard2.0)
      System.Runtime (>= 4.3) - restriction: || (&& (== net461) (< net46)) (== netcoreapp2.0) (== netstandard2.0)
      System.Threading (>= 4.3) - restriction: || (&& (== net461) (< net46)) (== netcoreapp2.0) (== netstandard2.0)
      System.Threading.Tasks (>= 4.3) - restriction: || (&& (== net461) (< net46)) (== netcoreapp2.0) (== netstandard2.0)
    System.Security.Cryptography.ProtectedData (4.5) - restriction: || (&& (== net461) (< net45) (>= netstandard2.0)) (== netcoreapp2.0) (== netstandard2.0)
      System.Memory (>= 4.5) - restriction: || (&& (== net461) (< net46) (>= netstandard2.0)) (== netcoreapp2.0) (== netstandard2.0)
    System.Security.Permissions (4.5) - restriction: || (&& (== net461) (>= monoandroid) (>= netstandard2.0)) (&& (== net461) (>= monotouch) (>= netstandard2.0)) (&& (== net461) (< net45) (>= netstandard2.0)) (&& (== net461) (>= netstandard2.0) (>= xamarinios)) (&& (== net461) (>= netstandard2.0) (>= xamarinmac)) (&& (== net461) (>= netstandard2.0) (>= xamarintvos)) (&& (== net461) (>= netstandard2.0) (>= xamarinwatchos)) (== netcoreapp2.0) (== netstandard2.0)
      System.Security.AccessControl (>= 4.5)
    System.Security.Principal.Windows (4.5) - restriction: || (&& (== net461) (>= monoandroid) (>= netstandard2.0)) (&& (== net461) (>= monotouch) (>= netstandard2.0)) (&& (== net461) (< net45) (>= netstandard2.0)) (&& (== net461) (>= netcoreapp2.0)) (&& (== net461) (>= netstandard2.0) (>= xamarinios)) (&& (== net461) (>= netstandard2.0) (>= xamarinmac)) (&& (== net461) (>= netstandard2.0) (>= xamarintvos)) (&& (== net461) (>= netstandard2.0) (>= xamarinwatchos)) (== netcoreapp2.0) (== netstandard2.0)
      Microsoft.NETCore.Platforms (>= 2.0) - restriction: || (&& (== net461) (>= netcoreapp2.0)) (== netcoreapp2.0) (&& (== netstandard2.0) (>= netcoreapp2.0))
    System.Text.Encoding (4.3) - restriction: || (&& (== net461) (>= dnxcore50)) (&& (== net461) (< net35) (>= netstandard1.6)) (== netcoreapp2.0) (== netstandard2.0)
      Microsoft.NETCore.Platforms (>= 1.1) - restriction: || (&& (== net461) (>= dnxcore50)) (&& (== net461) (< net45)) (== netcoreapp2.0) (== netstandard2.0)
      Microsoft.NETCore.Targets (>= 1.1) - restriction: || (&& (== net461) (>= dnxcore50)) (&& (== net461) (< net45)) (== netcoreapp2.0) (== netstandard2.0)
      System.Runtime (>= 4.3) - restriction: || (&& (== net461) (>= dnxcore50)) (&& (== net461) (< net45)) (== netcoreapp2.0) (== netstandard2.0)
    System.Threading (4.3) - restriction: || (&& (== net461) (< net35)) (== netcoreapp2.0) (== netstandard2.0)
      System.Runtime (>= 4.3) - restriction: || (&& (== net461) (>= dnxcore50)) (&& (== net461) (< net45)) (== netcoreapp2.0) (== netstandard2.0)
      System.Threading.Tasks (>= 4.3) - restriction: || (&& (== net461) (>= dnxcore50)) (&& (== net461) (< net45)) (== netcoreapp2.0) (== netstandard2.0)
    System.Threading.Tasks (4.3) - restriction: || (&& (== net461) (>= dnxcore50)) (&& (== net461) (< net35)) (== netcoreapp2.0) (== netstandard2.0)
      Microsoft.NETCore.Platforms (>= 1.1) - restriction: || (&& (== net461) (>= dnxcore50)) (&& (== net461) (< net45)) (== netcoreapp2.0) (== netstandard2.0)
      Microsoft.NETCore.Targets (>= 1.1) - restriction: || (&& (== net461) (>= dnxcore50)) (&& (== net461) (< net45)) (== netcoreapp2.0) (== netstandard2.0)
      System.Runtime (>= 4.3) - restriction: || (&& (== net461) (>= dnxcore50)) (&& (== net461) (< net45)) (== netcoreapp2.0) (== netstandard2.0)
